GEM
  remote: https://rubygems.org/
  specs:
    activesupport (4.2.6)
      i18n (~> 0.7)
      json (~> 1.7, >= 1.7.7)
      minitest (~> 5.1)
      thread_safe (~> 0.3, >= 0.3.4)
      tzinfo (~> 1.1)
    byebug (9.0.5)
    httparty (0.13.7)
      json (~> 1.8)
      multi_xml (>= 0.5.2)
    i18n (0.7.0)
    json (1.8.3)
    lastpass (1.4.0)
      httparty (~> 0.13.0)
      pbkdf2-ruby (~> 0.2.0)
    minitest (5.9.0)
    multi_xml (0.5.5)
    password (1.3)
      activesupport (>= 2.0.2)
    pbkdf2-ruby (0.2.1)
    thread_safe (0.3.5)
    tzinfo (1.2.2)
      thread_safe (~> 0.1)

PLATFORMS
  ruby

DEPENDENCIES
  byebug
  lastpass
  password

BUNDLED WITH
   1.12.4
